GEM
  remote: https://rubygems.org/
  specs:
    colorize (0.8.1)
    thor (0.20.3)

PLATFORMS
  ruby

DEPENDENCIES
  colorize
  thor

BUNDLED WITH
   2.0.2
